GEM
  remote: https://rubygems.org/
  specs:
    childprocess (0.5.1)
      ffi (~> 1.0, >= 1.0.11)
    commonwatir (4.0.0)
    ffi (1.9.3)
    multi_json (1.9.0)
    rubyzip (1.1.0)
    selenium-webdriver (2.40.0)
      childprocess (>= 0.5.0)
      multi_json (~> 1.0)
      rubyzip (~> 1.0)
      websocket (~> 1.0.4)
    watir (5.0.0)
      commonwatir (~> 4)
      watir-webdriver
    watir-webdriver (0.6.8)
      selenium-webdriver (>= 2.18.0)
    websocket (1.0.7)

PLATFORMS
  ruby

DEPENDENCIES
  watir
  watir-webdriver
